GIT
  remote: git://github.com/ochaochaocha3/specinfra.git
  revision: 6f546bb52bed6becc021b5a415e2f60c44a65e6c
  branch: supports-raspbian
  specs:
    specinfra (2.43.11)
      net-scp
      net-ssh (~> 2.7)
      net-telnet
      sfl

GEM
  remote: https://rubygems.org/
  specs:
    ansi (1.5.0)
    hashie (3.4.2)
    itamae (1.6.1)
      ansi
      hashie
      schash (~> 0.1.0)
      specinfra (>= 2.37.0, < 3.0.0)
      thor
    net-scp (1.2.1)
      net-ssh (>= 2.6.5)
    net-ssh (2.9.2)
    net-telnet (0.1.1)
    schash (0.1.2)
    sfl (2.2)
    thor (0.19.1)

PLATFORMS
  ruby

DEPENDENCIES
  itamae
  specinfra!

BUNDLED WITH
   1.10.6
